GEM
  remote: http://rubygems.org/
  specs:
    backports (3.6.4)
    daemons (1.1.9)
    eventmachine (1.0.3)
    haml (4.0.6)
      tilt
    json (1.8.2)
    mini_portile (0.6.1)
    multi_json (1.10.1)
    nokogiri (1.6.6.2)
      mini_portile (~> 0.6.0)
    open_uri_redirections (0.2.1)
    rack (1.6.0)
    rack-protection (1.5.3)
      rack
    rack-test (0.6.2)
      rack (>= 1.0)
    sinatra (1.4.5)
      rack (~> 1.4)
      rack-protection (~> 1.4)
      tilt (~> 1.3, >= 1.3.4)
    sinatra-contrib (1.4.2)
      backports (>= 2.0)
      multi_json
      rack-protection
      rack-test
      sinatra (~> 1.4.0)
      tilt (~> 1.3)
    thin (1.6.3)
      daemons (~> 1.0, >= 1.0.9)
      eventmachine (~> 1.0)
      rack (~> 1.0)
    tilt (1.4.1)
    timeout (0.0.1)
      timeout-extensions
    timeout-extensions (0.0.0)

PLATFORMS
  ruby

DEPENDENCIES
  haml
  json
  nokogiri
  open_uri_redirections
  sinatra
  sinatra-contrib
  thin
  timeout
